STORAGE: NONE
RESTRICTION: == netstandard2.0
NUGET
  remote: https://api.nuget.org/v3/index.json
    Apache.Avro (1.10)
      Newtonsoft.Json (>= 10.0.3)
      System.CodeDom (>= 4.4)
      System.Reflection (>= 4.3)
      System.Reflection.Emit.ILGeneration (>= 4.3)
      System.Reflection.Emit.Lightweight (>= 4.3)
    AvroSchemaGenerator (1.6)
      System.ComponentModel.Annotations (>= 4.7)
      System.Text.Json (>= 4.7.2)
    DerConverter (3.0.0.82)
    FSharp.Core (4.7.2)
    FSharp.UMX (1.0)
      FSharp.Core (>= 4.3.4)
    K4os.Compression.LZ4 (1.1.11)
      System.Memory (>= 4.5.3)
    libsodium (1.0.18)
      Microsoft.NETCore.Platforms (>= 1.0.1)
    Microsoft.Bcl.AsyncInterfaces (1.1.1)
      System.Threading.Tasks.Extensions (>= 4.5.4)
    Microsoft.Extensions.Caching.Abstractions (3.1.5)
      Microsoft.Extensions.Primitives (>= 3.1.5)
    Microsoft.Extensions.Caching.Memory (3.1.5)
      Microsoft.Extensions.Caching.Abstractions (>= 3.1.5)
      Microsoft.Extensions.DependencyInjection.Abstractions (>= 3.1.5)
      Microsoft.Extensions.Logging.Abstractions (>= 3.1.5)
      Microsoft.Extensions.Options (>= 3.1.5)
    Microsoft.Extensions.Configuration (3.1.5)
      Microsoft.Extensions.Configuration.Abstractions (>= 3.1.5)
    Microsoft.Extensions.Configuration.Abstractions (3.1.5)
      Microsoft.Extensions.Primitives (>= 3.1.5)
    Microsoft.Extensions.Configuration.Binder (3.1.5)
      Microsoft.Extensions.Configuration (>= 3.1.5)
    Microsoft.Extensions.DependencyInjection (3.1.5)
      Microsoft.Bcl.AsyncInterfaces (>= 1.1.1)
      Microsoft.Extensions.DependencyInjection.Abstractions (>= 3.1.5)
    Microsoft.Extensions.DependencyInjection.Abstractions (3.1.5)
    Microsoft.Extensions.Logging (3.1.5)
      Microsoft.Extensions.Configuration.Binder (>= 3.1.5)
      Microsoft.Extensions.DependencyInjection (>= 3.1.5)
      Microsoft.Extensions.Logging.Abstractions (>= 3.1.5)
      Microsoft.Extensions.Options (>= 3.1.5)
    Microsoft.Extensions.Logging.Abstractions (3.1.5)
    Microsoft.Extensions.Options (3.1.5)
      Microsoft.Extensions.DependencyInjection.Abstractions (>= 3.1.5)
      Microsoft.Extensions.Primitives (>= 3.1.5)
      System.ComponentModel.Annotations (>= 4.7)
    Microsoft.Extensions.Primitives (3.1.5)
      System.Memory (>= 4.5.2)
      System.Runtime.CompilerServices.Unsafe (>= 4.7.1)
    Microsoft.IO.RecyclableMemoryStream (1.3.4)
      NETStandard.Library (>= 1.6.1)
    Microsoft.NETCore.Platforms (3.1.1)
    Microsoft.NETCore.Targets (3.1)
    NETStandard.Library (2.0.3)
      Microsoft.NETCore.Platforms (>= 1.1)
    Newtonsoft.Json (12.0.3)
    NSec.Cryptography (20.2)
      libsodium (>= 1.0.18 < 1.0.19)
      System.Memory (>= 4.5.3)
      System.Runtime.CompilerServices.Unsafe (>= 4.7)
    PemUtils (3.0.0.82)
      DerConverter (>= 3.0.0.82)
    Pipelines.Sockets.Unofficial (2.1.16)
      System.Buffers (>= 4.5.1)
      System.IO.Pipelines (>= 4.7.1)
      System.Runtime.CompilerServices.Unsafe (>= 4.7.1)
    protobuf-net (3.0.29)
      protobuf-net.Core (>= 3.0.29)
      System.Buffers (>= 4.5.1)
      System.Memory (>= 4.5.4)
      System.Reflection.Emit (>= 4.7)
      System.Reflection.Emit.Lightweight (>= 4.7)
      System.ServiceModel.Primitives (>= 4.7)
    protobuf-net.Core (3.0.29)
      System.Buffers (>= 4.5.1)
      System.Collections.Immutable (>= 1.7.1)
      System.Memory (>= 4.5.4)
    Snappy.Standard (0.2)
      NETStandard.Library (>= 1.6)
    System.Buffers (4.5.1)
    System.CodeDom (4.7)
    System.Collections.Immutable (1.7.1)
      System.Memory (>= 4.5.4)
    System.ComponentModel.Annotations (4.7)
    System.IO (4.3)
      Microsoft.NETCore.Platforms (>= 1.1)
      Microsoft.NETCore.Targets (>= 1.1)
      System.Runtime (>= 4.3)
      System.Text.Encoding (>= 4.3)
      System.Threading.Tasks (>= 4.3)
    System.IO.Pipelines (4.7.2)
      System.Buffers (>= 4.5.1)
      System.Memory (>= 4.5.4)
      System.Threading.Tasks.Extensions (>= 4.5.4)
    System.Memory (4.5.4)
      System.Buffers (>= 4.5.1)
      System.Numerics.Vectors (>= 4.4)
      System.Runtime.CompilerServices.Unsafe (>= 4.5.3)
    System.Numerics.Vectors (4.5)
    System.Private.ServiceModel (4.7)
      System.Reflection.DispatchProxy (>= 4.5)
      System.Security.Cryptography.Xml (>= 4.5)
      System.Security.Principal.Windows (>= 4.5)
    System.Reflection (4.3)
      Microsoft.NETCore.Platforms (>= 1.1)
      Microsoft.NETCore.Targets (>= 1.1)
      System.IO (>= 4.3)
      System.Reflection.Primitives (>= 4.3)
      System.Runtime (>= 4.3)
    System.Reflection.DispatchProxy (4.7.1)
    System.Reflection.Emit (4.7)
      System.Reflection.Emit.ILGeneration (>= 4.7)
    System.Reflection.Emit.ILGeneration (4.7)
    System.Reflection.Emit.Lightweight (4.7)
      System.Reflection.Emit.ILGeneration (>= 4.7)
    System.Reflection.Primitives (4.3)
      Microsoft.NETCore.Platforms (>= 1.1)
      Microsoft.NETCore.Targets (>= 1.1)
      System.Runtime (>= 4.3)
    System.Runtime (4.3.1)
      Microsoft.NETCore.Platforms (>= 1.1.1)
      Microsoft.NETCore.Targets (>= 1.1.3)
    System.Runtime.CompilerServices.Unsafe (4.7.1)
    System.Security.AccessControl (4.7)
      System.Security.Principal.Windows (>= 4.7)
    System.Security.Cryptography.Cng (4.7)
    System.Security.Cryptography.Pkcs (4.7)
      System.Buffers (>= 4.5)
      System.Memory (>= 4.5.3)
      System.Security.Cryptography.Cng (>= 4.7)
    System.Security.Cryptography.Xml (4.7)
      System.Security.Cryptography.Pkcs (>= 4.7)
      System.Security.Permissions (>= 4.7)
    System.Security.Permissions (4.7)
      System.Security.AccessControl (>= 4.7)
    System.Security.Principal.Windows (4.7)
    System.ServiceModel.Primitives (4.7)
      System.Private.ServiceModel (>= 4.7)
    System.Text.Encoding (4.3)
      Microsoft.NETCore.Platforms (>= 1.1)
      Microsoft.NETCore.Targets (>= 1.1)
      System.Runtime (>= 4.3)
    System.Text.Encodings.Web (4.7.1)
      System.Memory (>= 4.5.4)
    System.Text.Json (4.7.2)
      Microsoft.Bcl.AsyncInterfaces (>= 1.1)
      System.Buffers (>= 4.5.1)
      System.Memory (>= 4.5.4)
      System.Numerics.Vectors (>= 4.5)
      System.Runtime.CompilerServices.Unsafe (>= 4.7.1)
      System.Text.Encodings.Web (>= 4.7.1)
      System.Threading.Tasks.Extensions (>= 4.5.4)
    System.Threading.Tasks (4.3)
      Microsoft.NETCore.Platforms (>= 1.1)
      Microsoft.NETCore.Targets (>= 1.1)
      System.Runtime (>= 4.3)
    System.Threading.Tasks.Extensions (4.5.4)
      System.Runtime.CompilerServices.Unsafe (>= 4.5.3)
    System.ValueTuple (4.5)
    TaskBuilder.fs (2.1)
      FSharp.Core (>= 4.1.17)
      NETStandard.Library (>= 1.6.1)
      System.ValueTuple (>= 4.4)
    zlib.net-mutliplatform (1.0.4)
    ZstdNet (1.3.3)

GROUP Examples
STORAGE: NONE
RESTRICTION: == netcoreapp3.1
NUGET
  remote: https://api.nuget.org/v3/index.json
    Apache.Avro (1.10)
      Newtonsoft.Json (>= 10.0.3)
      System.CodeDom (>= 4.4)
      System.Reflection (>= 4.3)
      System.Reflection.Emit.ILGeneration (>= 4.3)
      System.Reflection.Emit.Lightweight (>= 4.3)
    AvroSchemaGenerator (1.6)
      System.ComponentModel.Annotations (>= 4.7)
      System.Text.Json (>= 4.7.2)
    FSharp.Core (4.7.2)
    FSharp.UMX (1.0)
      FSharp.Core (>= 4.3.4)
    K4os.Compression.LZ4 (1.1.11)
      System.Memory (>= 4.5.3)
    Microsoft.Bcl.AsyncInterfaces (1.1.1)
      System.Threading.Tasks.Extensions (>= 4.5.4)
    Microsoft.Extensions.Caching.Abstractions (3.1.5)
      Microsoft.Extensions.Primitives (>= 3.1.5)
    Microsoft.Extensions.Caching.Memory (3.1.5)
      Microsoft.Extensions.Caching.Abstractions (>= 3.1.5)
      Microsoft.Extensions.DependencyInjection.Abstractions (>= 3.1.5)
      Microsoft.Extensions.Logging.Abstractions (>= 3.1.5)
      Microsoft.Extensions.Options (>= 3.1.5)
    Microsoft.Extensions.Configuration (3.1.5)
      Microsoft.Extensions.Configuration.Abstractions (>= 3.1.5)
    Microsoft.Extensions.Configuration.Abstractions (3.1.5)
      Microsoft.Extensions.Primitives (>= 3.1.5)
    Microsoft.Extensions.Configuration.Binder (3.1.5)
      Microsoft.Extensions.Configuration (>= 3.1.5)
    Microsoft.Extensions.DependencyInjection (3.1.5)
      Microsoft.Extensions.DependencyInjection.Abstractions (>= 3.1.5)
    Microsoft.Extensions.DependencyInjection.Abstractions (3.1.5)
    Microsoft.Extensions.Logging (3.1.5)
      Microsoft.Extensions.Configuration.Binder (>= 3.1.5)
      Microsoft.Extensions.DependencyInjection (>= 3.1.5)
      Microsoft.Extensions.Logging.Abstractions (>= 3.1.5)
      Microsoft.Extensions.Options (>= 3.1.5)
    Microsoft.Extensions.Logging.Abstractions (3.1.5)
    Microsoft.Extensions.Logging.Configuration (3.1.5)
      Microsoft.Extensions.Logging (>= 3.1.5)
      Microsoft.Extensions.Options.ConfigurationExtensions (>= 3.1.5)
    Microsoft.Extensions.Logging.Console (3.1.5)
      Microsoft.Extensions.Configuration.Abstractions (>= 3.1.5)
      Microsoft.Extensions.Logging (>= 3.1.5)
      Microsoft.Extensions.Logging.Configuration (>= 3.1.5)
    Microsoft.Extensions.Options (3.1.5)
      Microsoft.Extensions.DependencyInjection.Abstractions (>= 3.1.5)
      Microsoft.Extensions.Primitives (>= 3.1.5)
    Microsoft.Extensions.Options.ConfigurationExtensions (3.1.5)
      Microsoft.Extensions.Configuration.Abstractions (>= 3.1.5)
      Microsoft.Extensions.Configuration.Binder (>= 3.1.5)
      Microsoft.Extensions.DependencyInjection.Abstractions (>= 3.1.5)
      Microsoft.Extensions.Options (>= 3.1.5)
    Microsoft.Extensions.Primitives (3.1.5)
    Microsoft.IO.RecyclableMemoryStream (1.3.4)
    Microsoft.NETCore.Platforms (3.1.1)
    Microsoft.NETCore.Targets (3.1)
    Microsoft.Win32.SystemEvents (4.7)
      Microsoft.NETCore.Platforms (>= 3.1)
    NETStandard.Library (2.0.3)
      Microsoft.NETCore.Platforms (>= 1.1)
    Newtonsoft.Json (12.0.3)
    Pipelines.Sockets.Unofficial (2.1.16)
      System.Buffers (>= 4.5.1)
      System.IO.Pipelines (>= 4.7.1)
      System.Runtime.CompilerServices.Unsafe (>= 4.7.1)
    protobuf-net (3.0.29)
      protobuf-net.Core (>= 3.0.29)
      System.ServiceModel.Primitives (>= 4.7)
    protobuf-net.Core (3.0.29)
    Pulsar.Client (1.4.3)
      Apache.Avro (>= 1.10)
      AvroSchemaGenerator (>= 1.6)
      FSharp.Core (>= 4.7.2)
      FSharp.UMX (>= 1.0)
      K4os.Compression.LZ4 (>= 1.1.11)
      Microsoft.Bcl.AsyncInterfaces (>= 1.1.1)
      Microsoft.Extensions.Caching.Memory (>= 3.1.5)
      Microsoft.Extensions.Logging (>= 3.1.5)
      Microsoft.Extensions.Logging.Abstractions (>= 3.1.5)
      Microsoft.IO.RecyclableMemoryStream (>= 1.3.4)
      Pipelines.Sockets.Unofficial (>= 2.1.16)
      protobuf-net (>= 3.0.29)
      Snappy.Standard (>= 0.2)
      System.Text.Json (>= 4.7.2)
      TaskBuilder.fs (>= 2.1)
      zlib.net-mutliplatform (>= 1.0.4)
      ZstdNet (>= 1.3.3)
    Snappy.Standard (0.2)
      NETStandard.Library (>= 1.6)
    System.Buffers (4.5.1)
    System.CodeDom (4.7)
    System.ComponentModel.Annotations (4.7)
    System.Drawing.Common (4.7)
      Microsoft.NETCore.Platforms (>= 3.1)
      Microsoft.Win32.SystemEvents (>= 4.7)
    System.IO (4.3)
      Microsoft.NETCore.Platforms (>= 1.1)
      Microsoft.NETCore.Targets (>= 1.1)
      System.Runtime (>= 4.3)
      System.Text.Encoding (>= 4.3)
      System.Threading.Tasks (>= 4.3)
    System.IO.Pipelines (4.7.2)
    System.Memory (4.5.4)
    System.Private.ServiceModel (4.7)
      System.Reflection.DispatchProxy (>= 4.5)
      System.Security.Cryptography.Xml (>= 4.5)
      System.Security.Principal.Windows (>= 4.5)
    System.Reflection (4.3)
      Microsoft.NETCore.Platforms (>= 1.1)
      Microsoft.NETCore.Targets (>= 1.1)
      System.IO (>= 4.3)
      System.Reflection.Primitives (>= 4.3)
      System.Runtime (>= 4.3)
    System.Reflection.DispatchProxy (4.7.1)
    System.Reflection.Emit.ILGeneration (4.7)
    System.Reflection.Emit.Lightweight (4.7)
    System.Reflection.Primitives (4.3)
      Microsoft.NETCore.Platforms (>= 1.1)
      Microsoft.NETCore.Targets (>= 1.1)
      System.Runtime (>= 4.3)
    System.Runtime (4.3.1)
      Microsoft.NETCore.Platforms (>= 1.1.1)
      Microsoft.NETCore.Targets (>= 1.1.3)
    System.Runtime.CompilerServices.Unsafe (4.7.1)
    System.Security.AccessControl (4.7)
      Microsoft.NETCore.Platforms (>= 3.1)
      System.Security.Principal.Windows (>= 4.7)
    System.Security.Cryptography.Cng (4.7)
    System.Security.Cryptography.Pkcs (4.7)
      System.Security.Cryptography.Cng (>= 4.7)
    System.Security.Cryptography.Xml (4.7)
      System.Security.Cryptography.Pkcs (>= 4.7)
      System.Security.Permissions (>= 4.7)
    System.Security.Permissions (4.7)
      System.Security.AccessControl (>= 4.7)
      System.Windows.Extensions (>= 4.7)
    System.Security.Principal.Windows (4.7)
    System.ServiceModel.Primitives (4.7)
      System.Private.ServiceModel (>= 4.7)
    System.Text.Encoding (4.3)
      Microsoft.NETCore.Platforms (>= 1.1)
      Microsoft.NETCore.Targets (>= 1.1)
      System.Runtime (>= 4.3)
    System.Text.Json (4.7.2)
    System.Threading.Tasks (4.3)
      Microsoft.NETCore.Platforms (>= 1.1)
      Microsoft.NETCore.Targets (>= 1.1)
      System.Runtime (>= 4.3)
    System.Threading.Tasks.Extensions (4.5.4)
    System.ValueTuple (4.5)
    System.Windows.Extensions (4.7)
      System.Drawing.Common (>= 4.7)
    TaskBuilder.fs (2.1)
      FSharp.Core (>= 4.1.17)
      NETStandard.Library (>= 1.6.1)
      System.ValueTuple (>= 4.4)
    zlib.net-mutliplatform (1.0.4)
    ZstdNet (1.3.3)

GROUP Tests
STORAGE: NONE
RESTRICTION: == netcoreapp3.1
NUGET
  remote: https://api.nuget.org/v3/index.json
    Apache.Avro (1.10)
      Newtonsoft.Json (>= 10.0.3)
      System.CodeDom (>= 4.4)
      System.Reflection (>= 4.3)
      System.Reflection.Emit.ILGeneration (>= 4.3)
      System.Reflection.Emit.Lightweight (>= 4.3)
    Expecto (9.0.2)
      FSharp.Core (>= 4.6)
      Mono.Cecil (>= 0.11.2)
    Expecto.FsCheck (9.0.2)
      Expecto (>= 9.0.2)
      FsCheck (>= 2.14.2)
    FsCheck (2.14.3)
      FSharp.Core (>= 4.2.3)
    FSharp.Core (4.7.2)
    Microsoft.CodeCoverage (16.6.1)
    Microsoft.Extensions.Configuration (3.1.5)
      Microsoft.Extensions.Configuration.Abstractions (>= 3.1.5)
    Microsoft.Extensions.Configuration.Abstractions (3.1.5)
      Microsoft.Extensions.Primitives (>= 3.1.5)
    Microsoft.Extensions.Configuration.Binder (3.1.5)
      Microsoft.Extensions.Configuration (>= 3.1.5)
    Microsoft.Extensions.DependencyInjection (3.1.5)
      Microsoft.Extensions.DependencyInjection.Abstractions (>= 3.1.5)
    Microsoft.Extensions.DependencyInjection.Abstractions (3.1.5)
    Microsoft.Extensions.Logging (3.1.5)
      Microsoft.Extensions.Configuration.Binder (>= 3.1.5)
      Microsoft.Extensions.DependencyInjection (>= 3.1.5)
      Microsoft.Extensions.Logging.Abstractions (>= 3.1.5)
      Microsoft.Extensions.Options (>= 3.1.5)
    Microsoft.Extensions.Logging.Abstractions (3.1.5)
    Microsoft.Extensions.Options (3.1.5)
      Microsoft.Extensions.DependencyInjection.Abstractions (>= 3.1.5)
      Microsoft.Extensions.Primitives (>= 3.1.5)
    Microsoft.Extensions.Primitives (3.1.5)
    Microsoft.NET.Test.Sdk (16.6.1)
      Microsoft.CodeCoverage (>= 16.6.1)
      Microsoft.TestPlatform.TestHost (>= 16.6.1)
    Microsoft.NETCore.Platforms (3.1.1)
    Microsoft.NETCore.Targets (3.1)
    Microsoft.TestPlatform.ObjectModel (16.6.1)
      NuGet.Frameworks (>= 5.0)
    Microsoft.TestPlatform.TestHost (16.6.1)
      Microsoft.TestPlatform.ObjectModel (>= 16.6.1)
      Newtonsoft.Json (>= 9.0.1)
    Mono.Cecil (0.11.2)
    Newtonsoft.Json (12.0.3)
    NuGet.Frameworks (5.6)
    runtime.native.System (4.3.1)
      Microsoft.NETCore.Platforms (>= 1.1.1)
      Microsoft.NETCore.Targets (>= 1.1.3)
    Serilog (2.9)
    Serilog.Enrichers.Thread (3.1)
      Serilog (>= 2.3)
    Serilog.Extensions.Logging (3.0.1)
      Microsoft.Extensions.Logging (>= 2.0)
      Serilog (>= 2.8)
    Serilog.Sinks.Console (3.1.1)
      Serilog (>= 2.5)
      System.Console (>= 4.3)
      System.Runtime.InteropServices (>= 4.3)
      System.Runtime.InteropServices.RuntimeInformation (>= 4.3)
    System.CodeDom (4.7)
    System.Collections.Immutable (1.7.1)
    System.Console (4.3.1)
      Microsoft.NETCore.Platforms (>= 1.1)
      Microsoft.NETCore.Targets (>= 1.1.2)
      System.IO (>= 4.3)
      System.Runtime (>= 4.3)
      System.Text.Encoding (>= 4.3)
    System.Globalization (4.3)
      Microsoft.NETCore.Platforms (>= 1.1)
      Microsoft.NETCore.Targets (>= 1.1)
      System.Runtime (>= 4.3)
    System.IO (4.3)
      Microsoft.NETCore.Platforms (>= 1.1)
      Microsoft.NETCore.Targets (>= 1.1)
      System.Runtime (>= 4.3)
      System.Text.Encoding (>= 4.3)
      System.Threading.Tasks (>= 4.3)
    System.Reflection (4.3)
      Microsoft.NETCore.Platforms (>= 1.1)
      Microsoft.NETCore.Targets (>= 1.1)
      System.IO (>= 4.3)
      System.Reflection.Primitives (>= 4.3)
      System.Runtime (>= 4.3)
    System.Reflection.Emit.ILGeneration (4.7)
    System.Reflection.Emit.Lightweight (4.7)
    System.Reflection.Extensions (4.3)
      Microsoft.NETCore.Platforms (>= 1.1)
      Microsoft.NETCore.Targets (>= 1.1)
      System.Reflection (>= 4.3)
      System.Runtime (>= 4.3)
    System.Reflection.Primitives (4.3)
      Microsoft.NETCore.Platforms (>= 1.1)
      Microsoft.NETCore.Targets (>= 1.1)
      System.Runtime (>= 4.3)
    System.Resources.ResourceManager (4.3)
      Microsoft.NETCore.Platforms (>= 1.1)
      Microsoft.NETCore.Targets (>= 1.1)
      System.Globalization (>= 4.3)
      System.Reflection (>= 4.3)
      System.Runtime (>= 4.3)
    System.Runtime (4.3.1)
      Microsoft.NETCore.Platforms (>= 1.1.1)
      Microsoft.NETCore.Targets (>= 1.1.3)
    System.Runtime.Handles (4.3)
      Microsoft.NETCore.Platforms (>= 1.1)
      Microsoft.NETCore.Targets (>= 1.1)
      System.Runtime (>= 4.3)
    System.Runtime.InteropServices (4.3)
      Microsoft.NETCore.Platforms (>= 1.1)
      Microsoft.NETCore.Targets (>= 1.1)
      System.Reflection (>= 4.3)
      System.Reflection.Primitives (>= 4.3)
      System.Runtime (>= 4.3)
      System.Runtime.Handles (>= 4.3)
    System.Runtime.InteropServices.RuntimeInformation (4.3)
      runtime.native.System (>= 4.3)
      System.Reflection (>= 4.3)
      System.Reflection.Extensions (>= 4.3)
      System.Resources.ResourceManager (>= 4.3)
      System.Runtime (>= 4.3)
      System.Runtime.InteropServices (>= 4.3)
      System.Threading (>= 4.3)
    System.Text.Encoding (4.3)
      Microsoft.NETCore.Platforms (>= 1.1)
      Microsoft.NETCore.Targets (>= 1.1)
      System.Runtime (>= 4.3)
    System.Threading (4.3)
      System.Runtime (>= 4.3)
      System.Threading.Tasks (>= 4.3)
    System.Threading.Tasks (4.3)
      Microsoft.NETCore.Platforms (>= 1.1)
      Microsoft.NETCore.Targets (>= 1.1)
      System.Runtime (>= 4.3)
    YoloDev.Expecto.TestSdk (0.9.2)
      Expecto (>= 9.0 < 10.0)
      FSharp.Core (>= 4.6)
      System.Collections.Immutable (>= 1.5 < 2.0)
